GEM
  remote: https://rubygems.org/
  specs:
    bubble-wrap (1.4.0)
    motion-layout (0.0.1)
    motion-pixate (2.0)
      sass
    ruby_motion_query (0.5.2)
    sass (3.2.13)

PLATFORMS
  ruby

DEPENDENCIES
  bubble-wrap
  motion-layout
  motion-pixate
  ruby_motion_query
